PATH
  remote: .
  specs:
    battle_ship (0.1.0)

GEM
  remote: https://rubygems.org/
  specs:
    activesupport (4.2.1)
      i18n (~> 0.7)
      json (~> 1.7, >= 1.7.7)
      minitest (~> 5.1)
      thread_safe (~> 0.3, >= 0.3.4)
      tzinfo (~> 1.1)
    akami (1.3.0)
      gyoku (>= 0.4.0)
      nokogiri
    awesome_print (1.6.1)
    builder (3.2.2)
    colorize (0.7.5)
    diff-lcs (1.2.5)
    docile (1.1.5)
    gyoku (1.3.1)
      builder (>= 2.1.2)
    httpi (2.4.0)
      rack
    i18n (0.7.0)
    json (1.8.2)
    letters (0.4.1)
      activesupport
      awesome_print
      colorize
      xml-simple
    macaddr (1.7.1)
      systemu (~> 2.6.2)
    mini_portile (0.6.2)
    minitest (5.6.0)
    multi_json (1.11.0)
    nokogiri (1.6.6.2)
      mini_portile (~> 0.6.0)
    nori (2.5.0)
    rack (1.6.0)
    rake (10.4.2)
    rspec (3.1.0)
      rspec-core (~> 3.1.0)
      rspec-expectations (~> 3.1.0)
      rspec-mocks (~> 3.1.0)
    rspec-core (3.1.7)
      rspec-support (~> 3.1.0)
    rspec-expectations (3.1.2)
      diff-lcs (>= 1.2.0, < 2.0)
      rspec-support (~> 3.1.0)
    rspec-mocks (3.1.3)
      rspec-support (~> 3.1.0)
    rspec-support (3.1.2)
    savon (2.11.0)
      akami (~> 1.2)
      builder (>= 2.1.2)
      gyoku (~> 1.2)
      httpi (~> 2.3)
      nokogiri (>= 1.4.0)
      nori (~> 2.4)
      uuid (~> 2.3.7)
      wasabi (~> 3.4)
    simplecov (0.9.2)
      docile (~> 1.1.0)
      multi_json (~> 1.0)
      simplecov-html (~> 0.9.0)
    simplecov-html (0.9.0)
    simplecov-rcov (0.2.3)
      simplecov (>= 0.4.1)
    systemu (2.6.5)
    thread_safe (0.3.5)
    tzinfo (1.2.2)
      thread_safe (~> 0.1)
    uuid (2.3.7)
      macaddr (~> 1.0)
    wasabi (3.5.0)
      httpi (~> 2.0)
      nokogiri (>= 1.4.2)
    xml-simple (1.1.5)

PLATFORMS
  ruby

DEPENDENCIES
  battle_ship!
  bundler (~> 1.8)
  letters
  rake (~> 10.0)
  rspec (= 3.1.0)
  savon
  simplecov
  simplecov-rcov
